GEM
  remote: https://rubygems.org/
  specs:
    faker (1.5.0)
      i18n (~> 0.5)
    i18n (0.7.0)
    rack (1.6.4)

PLATFORMS
  ruby

DEPENDENCIES
  faker
  rack

BUNDLED WITH
   1.10.6
